GIT
  remote: git://github.com/DavyJonesLocker/client_side_validations.git
  revision: 1bf7590900303fbbd0afdca11bf2ad73059ae37b
  specs:
    client_side_validations (4.2.0)
      jquery-rails (>= 3.1.2, < 5.0.0)
      rails (>= 4.0.0, < 4.3.0)

GIT
  remote: git://github.com/ctran/annotate_models.git
  revision: d878a5b784ee0f703e9ee677bc0231dc24159512
  specs:
    annotate (2.6.10)
      activerecord (>= 3.2, <= 4.3)
      rake (~> 10.4)

GIT
  remote: git://github.com/div/mailboxer.git
  revision: 41c9d8de2e0ad4dc511718074228d40a1ba96ebe
  branch: rails42-foreigner
  specs:
    mailboxer (0.12.4)
      carrierwave (>= 0.5.8)
      rails (>= 3.2.0)

GIT
  remote: git://github.com/emaiax/jquery-raty-rails.git
  revision: bf3053957c423610888814e9445f4a46c4af5c35
  specs:
    jquery-raty-rails (0.0.2)
      rails (>= 3.2.3)

GIT
  remote: git://github.com/jumph4x/canonical-rails.git
  revision: eedf68426a40d848e0e577010d1f443e9aa5e9a0
  specs:
    canonical-rails (0.0.8)
      rails (>= 3.1, < 5.0)

GIT
  remote: git://github.com/kylesziv/area-1.git
  revision: 0e86688714a9e32347915230272fdc3bf7e68e15
  specs:
    area (0.11.0)
      fastercsv (~> 1.5)

GIT
  remote: git://github.com/kylesziv/sms-easy.git
  revision: e8b9e1e737bb2eeae4e7fdd0d0995ebbb0cb520e
  specs:
    sms-easy (1.2.5)
      actionmailer (>= 4.1.6)

GIT
  remote: git://github.com/thoughtbot/paperclip.git
  revision: 3fb5484c1ccf41ed436bdd457b2e609c74e22ecb
  specs:
    paperclip (4.2.1)
      activemodel (>= 3.0.0)
      activesupport (>= 3.0.0)
      cocaine (~> 0.5.5)
      mime-types

GIT
  remote: https://github.com/kylesziv/jquery-modal-rails.git
  revision: 42859d163c1ce2b3e1af9bf49bd62cfb6e50d41b
  specs:
    jquery-modal-rails (0.0.3)
      jquery-ui-rails
      railties (>= 3.2.0, < 5.0)
      thor (~> 0.14)
      uuidtools

GEM
  remote: https://rubygems.org/
  specs:
    accountingjs-rails (0.0.4)
    actionmailer (4.2.1)
      actionpack (= 4.2.1)
      actionview (= 4.2.1)
      activejob (= 4.2.1)
      mail (~> 2.5, >= 2.5.4)
      rails-dom-testing (~> 1.0, >= 1.0.5)
    actionpack (4.2.1)
      actionview (= 4.2.1)
      activesupport (= 4.2.1)
      rack (~> 1.6)
      rack-test (~> 0.6.2)
      rails-dom-testing (~> 1.0, >= 1.0.5)
      rails-html-sanitizer (~> 1.0, >= 1.0.1)
    actionview (4.2.1)
      activesupport (= 4.2.1)
      builder (~> 3.1)
      erubis (~> 2.7.0)
      rails-dom-testing (~> 1.0, >= 1.0.5)
      rails-html-sanitizer (~> 1.0, >= 1.0.1)
    activejob (4.2.1)
      activesupport (= 4.2.1)
      globalid (>= 0.3.0)
    activemodel (4.2.1)
      activesupport (= 4.2.1)
      builder (~> 3.1)
    activerecord (4.2.1)
      activemodel (= 4.2.1)
      activesupport (= 4.2.1)
      arel (~> 6.0)
    activesupport (4.2.1)
      i18n (~> 0.7)
      json (~> 1.7, >= 1.7.7)
      minitest (~> 5.1)
      thread_safe (~> 0.3, >= 0.3.4)
      tzinfo (~> 1.1)
    addressable (2.3.7)
    airbrake (4.3.3)
      builder
      multi_json
    ansi (1.5.0)
    arel (6.0.0)
    aws-sdk (2.0.31)
      aws-sdk-resources (= 2.0.31)
    aws-sdk-core (2.0.31)
      builder (~> 3.0)
      jmespath (~> 1.0)
      multi_json (~> 1.0)
      multi_xml (~> 0.5)
    aws-sdk-resources (2.0.31)
      aws-sdk-core (= 2.0.31)
    aws_cf_signer (0.1.3)
    axiom-types (0.1.1)
      descendants_tracker (~> 0.0.4)
      ice_nine (~> 0.11.0)
      thread_safe (~> 0.3, >= 0.3.1)
    bcrypt (3.1.10)
    better_errors (2.1.1)
      coderay (>= 1.0.0)
      erubis (>= 2.6.6)
      rack (>= 0.9.0)
    binding_of_caller (0.7.2)
      debug_inspector (>= 0.0.1)
    braintree (2.41.0)
      builder (>= 2.0.0)
    builder (3.2.2)
    byebug (4.0.3)
      columnize (= 0.9.0)
    capybara (2.4.4)
      mime-types (>= 1.16)
      nokogiri (>= 1.3.3)
      rack (>= 1.0.0)
      rack-test (>= 0.5.4)
      xpath (~> 2.0)
    carrierwave (0.10.0)
      activemodel (>= 3.2.0)
      activesupport (>= 3.2.0)
      json (>= 1.7)
      mime-types (>= 1.16)
    celluloid (0.16.0)
      timers (~> 4.0.0)
    chronic (0.10.2)
    climate_control (0.0.3)
      activesupport (>= 3.0)
    cliver (0.3.2)
    clockwork (1.1.0)
      activesupport
      tzinfo
    cloudinary (1.0.83)
      aws_cf_signer
      rest-client
    cocaine (0.5.7)
      climate_control (>= 0.0.3, < 1.0)
    coderay (1.1.0)
    coercible (1.0.0)
      descendants_tracker (~> 0.0.1)
    columnize (0.9.0)
    connection_pool (2.1.2)
    countable-rails (0.0.1)
      railties (>= 3.1)
    countries (0.11.3)
      currencies (~> 0.4.2)
      i18n_data (~> 0.6.0)
    cucumber (1.3.19)
      builder (>= 2.1.2)
      diff-lcs (>= 1.1.3)
      gherkin (~> 2.12)
      multi_json (>= 1.7.5, < 2.0)
      multi_test (>= 0.1.2)
    cucumber-rails (1.4.2)
      capybara (>= 1.1.2, < 3)
      cucumber (>= 1.3.8, < 2)
      mime-types (>= 1.16, < 3)
      nokogiri (~> 1.5)
      rails (>= 3, < 5)
    currencies (0.4.2)
    daemons (1.2.1)
    database_cleaner (1.4.1)
    debug_inspector (0.0.2)
    delayed_job (4.0.6)
      activesupport (>= 3.0, < 5.0)
    delayed_job_active_record (4.0.3)
      activerecord (>= 3.0, < 5.0)
      delayed_job (>= 3.0, < 4.1)
    descendants_tracker (0.0.4)
      thread_safe (~> 0.3, >= 0.3.1)
    devise (3.4.1)
      bcrypt (~> 3.0)
      orm_adapter (~> 0.1)
      railties (>= 3.2.6, < 5)
      responders
      thread_safe (~> 0.1)
      warden (~> 1.2.3)
    diff-lcs (1.2.5)
    draper (1.4.0)
      actionpack (>= 3.0)
      activemodel (>= 3.0)
      activesupport (>= 3.0)
      request_store (~> 1.0)
    equalizer (0.0.10)
    erubis (2.7.0)
    execjs (2.4.0)
    factory_girl (4.5.0)
      activesupport (>= 3.0.0)
    factory_girl_rails (4.5.0)
      factory_girl (~> 4.5.0)
      railties (>= 3.0.0)
    faker (1.4.3)
      i18n (~> 0.5)
    faraday (0.9.1)
      multipart-post (>= 1.2, < 3)
    fastercsv (1.5.5)
    font-awesome-rails (4.3.0.0)
      railties (>= 3.2, < 5.0)
    foundation-rails (5.4.5.0)
      railties (>= 3.1.0)
      sass (>= 3.2.0)
    geocoder (1.2.8)
    geoip (1.5.0)
    gherkin (2.12.2)
      multi_json (~> 1.3)
    gibbon (1.1.5)
      httparty
      multi_json (>= 1.9.0)
    globalid (0.3.3)
      activesupport (>= 4.1.0)
    hashie (3.4.0)
    hashr (0.0.22)
    hike (1.2.3)
    hitimes (1.2.2)
    httparty (0.13.5)
      json (~> 1.8)
      multi_xml (>= 0.5.2)
    httpauth (0.2.1)
    i18n (0.7.0)
    i18n_data (0.6.3)
    ice_nine (0.11.1)
    jmespath (1.0.2)
      multi_json (~> 1.0)
    jquery-fileupload-rails (0.4.5)
      actionpack (>= 3.1)
      railties (>= 3.1)
      sass (>= 3.2)
    jquery-inputmask-rails (2.5.5)
    jquery-rails (4.0.3)
      rails-dom-testing (~> 1.0)
      railties (>= 4.2.0)
      thor (>= 0.14, < 2.0)
    jquery-tokeninput-rails (1.6.0)
    jquery-ui-rails (5.0.3)
      railties (>= 3.2.16)
    json (1.8.2)
    jwt (0.1.13)
      multi_json (>= 1.5)
    kaminari (0.16.3)
      actionpack (>= 3.0.0)
      activesupport (>= 3.0.0)
    launchy (2.4.3)
      addressable (~> 2.3)
    libv8 (3.16.14.7)
    loofah (2.0.1)
      nokogiri (>= 1.5.9)
    mail (2.6.3)
      mime-types (>= 1.16, < 3)
    mail_view (1.0.3)
      tilt
    maskedinput-rails (1.3.1.0)
    metamagic (3.1.7)
      rails (>= 3.0.0)
    method_source (0.8.2)
    mime-types (2.4.3)
    mina (0.3.1)
      open4 (~> 1.3.4)
      rake
    mina-clockwork (0.0.3)
      clockwork
      daemons
    mina-puma (0.2.0)
      mina
    mina-sidekiq (0.3.0)
      mina
    mini_portile (0.6.2)
    minitest (5.5.1)
    multi_json (1.11.0)
    multi_test (0.1.2)
    multi_xml (0.5.5)
    multipart-post (2.0.0)
    mysql2 (0.3.18)
    netrc (0.10.3)
    newrelic_rpm (3.11.0.283)
    nokogiri (1.6.6.2)
      mini_portile (~> 0.6.0)
    oauth2 (0.8.1)
      faraday (~> 0.8)
      httpauth (~> 0.1)
      jwt (~> 0.1.4)
      multi_json (~> 1.0)
      rack (~> 1.2)
    omniauth (1.2.2)
      hashie (>= 1.2, < 4)
      rack (~> 1.0)
    omniauth-facebook (1.4.0)
      omniauth-oauth2 (~> 1.0.2)
    omniauth-oauth2 (1.0.3)
      oauth2 (~> 0.8.0)
      omniauth (~> 1.0)
    open4 (1.3.4)
    orm_adapter (0.5.0)
    phony (2.12.9)
    phony_rails (0.12.4)
      activesupport (>= 3.0)
      countries (~> 0.8, >= 0.8.2)
      phony (~> 2.12)
    poltergeist (1.6.0)
      capybara (~> 2.1)
      cliver (~> 0.3.1)
      multi_json (~> 1.0)
      websocket-driver (>= 0.2.0)
    pry (0.10.1)
      coderay (~> 1.1.0)
      method_source (~> 0.8.1)
      slop (~> 3.4)
    pry-rails (0.3.3)
      pry (>= 0.9.10)
    public_activity (1.4.2)
      actionpack (>= 3.0.0)
      activerecord (>= 3.0)
      i18n (>= 0.5.0)
      railties (>= 3.0.0)
    puma (2.11.0)
      rack (>= 1.1, < 2.0)
    quiet_assets (1.1.0)
      railties (>= 3.1, < 5.0)
    rack (1.6.0)
    rack-protection (1.5.3)
      rack
    rack-test (0.6.3)
      rack (>= 1.0)
    rails (4.2.1)
      actionmailer (= 4.2.1)
      actionpack (= 4.2.1)
      actionview (= 4.2.1)
      activejob (= 4.2.1)
      activemodel (= 4.2.1)
      activerecord (= 4.2.1)
      activesupport (= 4.2.1)
      bundler (>= 1.3.0, < 2.0)
      railties (= 4.2.1)
      sprockets-rails
    rails-deprecated_sanitizer (1.0.3)
      activesupport (>= 4.2.0.alpha)
    rails-dom-testing (1.0.6)
      activesupport (>= 4.2.0.beta, < 5.0)
      nokogiri (~> 1.6.0)
      rails-deprecated_sanitizer (>= 1.0.1)
    rails-html-sanitizer (1.0.2)
      loofah (~> 2.0)
    railties (4.2.1)
      actionpack (= 4.2.1)
      activesupport (= 4.2.1)
      rake (>= 0.8.7)
      thor (>= 0.18.1, < 2.0)
    rake (10.4.2)
    redis (3.2.1)
    redis-namespace (1.5.1)
      redis (~> 3.0, >= 3.0.4)
    ref (1.0.5)
    remotipart (1.2.1)
    request_store (1.1.0)
    responders (2.1.0)
      railties (>= 4.2.0, < 5)
    rest-client (1.7.3)
      mime-types (>= 1.16, < 3.0)
      netrc (~> 0.7)
    rspec (2.99.0)
      rspec-core (~> 2.99.0)
      rspec-expectations (~> 2.99.0)
      rspec-mocks (~> 2.99.0)
    rspec-collection_matchers (1.1.2)
      rspec-expectations (>= 2.99.0.beta1)
    rspec-core (2.99.2)
    rspec-expectations (2.99.2)
      diff-lcs (>= 1.1.3, < 2.0)
    rspec-mocks (2.99.3)
    rspec-rails (2.99.0)
      actionpack (>= 3.0)
      activemodel (>= 3.0)
      activesupport (>= 3.0)
      railties (>= 3.0)
      rspec-collection_matchers
      rspec-core (~> 2.99.0)
      rspec-expectations (~> 2.99.0)
      rspec-mocks (~> 2.99.0)
    sass (3.2.19)
    sass-rails (4.0.5)
      railties (>= 4.0.0, < 5.0)
      sass (~> 3.2.2)
      sprockets (~> 2.8, < 3.0)
      sprockets-rails (~> 2.0)
    seedbank (0.3.0)
    selectize-rails (0.12.1)
    shoulda-matchers (2.8.0)
      activesupport (>= 3.0.0)
    sidekiq (3.3.2)
      celluloid (>= 0.16.0)
      connection_pool (>= 2.1.1)
      json
      redis (>= 3.0.6)
      redis-namespace (>= 1.3.1)
    simple_form (3.1.0)
      actionpack (~> 4.0)
      activemodel (~> 4.0)
    sinatra (1.4.6)
      rack (~> 1.4)
      rack-protection (~> 1.4)
      tilt (>= 1.3, < 3)
    sitemap_generator (5.0.5)
      builder
    slop (3.6.0)
    spring (1.3.3)
    sprockets (2.12.3)
      hike (~> 1.2)
      multi_json (~> 1.0)
      rack (~> 1.0)
      tilt (~> 1.1, != 1.3.0)
    sprockets-rails (2.2.4)
      actionpack (>= 3.0)
      activesupport (>= 3.0)
      sprockets (>= 2.8, < 4.0)
    therubyracer (0.12.1)
      libv8 (~> 3.16.14.0)
      ref
    thor (0.19.1)
    thread_safe (0.3.5)
    tilt (1.4.1)
    timers (4.0.1)
      hitimes
    tire (0.6.2)
      activemodel (>= 3.0)
      activesupport
      ansi
      hashr (~> 0.0.19)
      multi_json (~> 1.3)
      rake
      rest-client (~> 1.6)
    twilio-ruby (3.11.6)
      builder (>= 2.1.2)
      jwt (>= 0.1.2)
      multi_json (>= 1.3.0)
    tzinfo (1.2.2)
      thread_safe (~> 0.1)
    uglifier (2.7.1)
      execjs (>= 0.3.0)
      json (>= 1.8.0)
    uifaces (0.0.2)
    uuidtools (2.1.5)
    virtus (1.0.5)
      axiom-types (~> 0.1)
      coercible (~> 1.0)
      descendants_tracker (~> 0.0, >= 0.0.3)
      equalizer (~> 0.0, >= 0.0.9)
    warden (1.2.3)
      rack (>= 1.0)
    websocket-driver (0.5.3)
      websocket-extensions (>= 0.1.0)
    websocket-extensions (0.1.2)
    whenever (0.9.4)
      chronic (>= 0.6.3)
    xpath (2.0.0)
      nokogiri (~> 1.3)
    yaml_db (0.3.0)
      rails (>= 3.0, < 4.3)
      rake (>= 0.8.7)

PLATFORMS
  ruby

DEPENDENCIES
  accountingjs-rails
  airbrake
  annotate!
  area!
  aws-sdk
  better_errors
  binding_of_caller
  braintree
  byebug
  canonical-rails!
  capybara
  client_side_validations!
  clockwork
  cloudinary
  countable-rails (>= 0.0.1)
  cucumber-rails
  database_cleaner
  delayed_job_active_record
  devise
  draper
  factory_girl_rails (~> 4.0)
  faker
  font-awesome-rails
  foundation-rails (= 5.4.5.0)
  geocoder
  geoip
  gibbon
  jquery-fileupload-rails
  jquery-inputmask-rails
  jquery-modal-rails!
  jquery-rails
  jquery-raty-rails!
  jquery-tokeninput-rails
  jquery-ui-rails
  kaminari
  launchy
  mail_view (~> 1.0.3)
  mailboxer!
  maskedinput-rails
  metamagic
  mina
  mina-clockwork
  mina-puma
  mina-sidekiq
  mysql2
  newrelic_rpm
  omniauth
  omniauth-facebook (= 1.4.0)
  paperclip!
  phony_rails
  poltergeist
  pry-rails
  public_activity
  puma
  quiet_assets
  rails (~> 4.2.0)
  remotipart (~> 1.2)
  responders
  rest-client
  rspec
  rspec-rails (~> 2.0)
  sass-rails (~> 4.0.5)
  seedbank
  selectize-rails
  shoulda-matchers
  sidekiq
  simple_form
  sinatra
  sitemap_generator
  sms-easy!
  spring
  therubyracer
  tire
  twilio-ruby (~> 3.11)
  uglifier (>= 1.3.0)
  uifaces
  virtus
  whenever
  yaml_db
